PATH
  remote: .
  specs:
    footprintable (0.1.6)
      rails

GEM
  remote: https://gems.ruby-china.com/
  specs:
    actionmailer (7.0.4.1)
      actionpack (= 7.0.4.1)
      actionview (= 7.0.4.1)
      activejob (= 7.0.4.1)
      activesupport (= 7.0.4.1)
      mail (~> 2.5, >= 2.5.4)
      net-imap
      net-pop
      net-smtp
      rails-dom-testing (~> 2.0)
    actionpack (7.0.4.1)
      actionview (= 7.0.4.1)
      activesupport (= 7.0.4.1)
      rack (~> 2.0, >= 2.2.0)
      rack-test (>= 0.6.3)
      rails-dom-testing (~> 2.0)
      rails-html-sanitizer (~> 1.0, >= 1.2.0)
    actionview (7.0.4.1)
      activesupport (= 7.0.4.1)
      builder (~> 3.1)
      erubi (~> 1.4)
      rails-dom-testing (~> 2.0)
      rails-html-sanitizer (~> 1.1, >= 1.2.0)
    activejob (7.0.4.1)
      activesupport (= 7.0.4.1)
      globalid (>= 0.3.6)
    activerecord (3.2.14)
    activesupport (7.0.4.1)
      concurrent-ruby (~> 1.0, >= 1.0.2)
      i18n (>= 1.6, < 2)
      minitest (>= 5.1)
      tzinfo (~> 2.0)
    builder (3.2.4)
    concurrent-ruby (1.1.10)
    crass (1.0.6)
    date (3.3.3)
    erubi (1.10.0)
    globalid (1.0.1)
      activesupport (>= 5.0)
    i18n (1.12.0)
      concurrent-ruby (~> 1.0)
    loofah (2.12.0)
      crass (~> 1.0.2)
      nokogiri (>= 1.5.9)
    mail (2.7.1)
      mini_mime (>= 0.1.1)
    mini_mime (1.1.2)
    minitest (5.17.0)
    net-imap (0.3.4)
      date
      net-protocol
    net-pop (0.1.2)
      net-protocol
    net-protocol (0.2.1)
      timeout
    net-smtp (0.3.3)
      net-protocol
    nokogiri (1.12.5-x86_64-darwin)
      racc (~> 1.4)
    nokogiri (1.12.5-x86_64-linux)
      racc (~> 1.4)
    racc (1.6.0)
    rack (2.2.3)
    rack-test (1.1.0)
      rack (>= 1.0, < 3)
    rails (0.9.5)
      actionmailer (>= 0.6.1)
      actionpack (>= 1.4.0)
      activerecord (>= 1.6.0)
      rake (>= 0.4.15)
    rails-dom-testing (2.0.3)
      activesupport (>= 4.2.0)
      nokogiri (>= 1.6)
    rails-html-sanitizer (1.4.2)
      loofah (~> 2.3)
    rake (13.0.6)
    sqlite3 (1.4.2)
    timeout (0.3.1)
    tzinfo (2.0.5)
      concurrent-ruby (~> 1.0)

PLATFORMS
  x86_64-darwin-18
  x86_64-darwin-20
  x86_64-linux

DEPENDENCIES
  footprintable!
  sqlite3

BUNDLED WITH
   2.2.30
